GEM
  remote: https://rubygems.org/
  specs:
    addressable (2.3.6)
    daemons (1.1.9)
    eventmachine (1.0.3)
    excon (0.39.5)
    json (1.8.1)
    oboe (2.7.1.7)
      json
    oboe-heroku (0.9.15.6)
      oboe (>= 2.7.1.7)
    rack (1.5.2)
    rack-protection (1.5.3)
      rack
    sinatra (1.4.5)
      rack (~> 1.4)
      rack-protection (~> 1.4)
      tilt (~> 1.3, >= 1.3.4)
    thin (1.6.2)
      daemons (>= 1.0.9)
      eventmachine (>= 1.0.0)
      rack (>= 1.0.0)
    tilt (1.4.1)

PLATFORMS
  ruby

DEPENDENCIES
  addressable
  excon
  oboe
  oboe-heroku
  sinatra
  thin
